GEM
  remote: https://rubygems.org/
  specs:

PLATFORMS
  -darwin-21
  arm64-darwin-21
  arm64-darwin-22
  x86_64-darwin-20

DEPENDENCIES

RUBY VERSION
   ruby 3.2.1p31

BUNDLED WITH
   2.3.7
