GEM
  remote: https://rubygems.org/
  specs:

PLATFORMS
  -darwin-21
  arm64-darwin-21
  x86_64-darwin-20

DEPENDENCIES

RUBY VERSION
   ruby 2.7.5p203

BUNDLED WITH
   2.3.7
